PATH
  remote: .
  specs:
    lgtm_hd (0.1.0)
      clipboard (~> 1.1, >= 1.1.1)
      commander (~> 4.4, >= 4.4.3)
      mini_magick (~> 4.7)
      os (~> 1.0, >= 1.0.0)

GEM
  remote: https://rubygems.org/
  specs:
    clipboard (1.1.1)
    commander (4.4.3)
      highline (~> 1.7.2)
    diff-lcs (1.2.5)
    highline (1.7.8)
    mini_magick (4.7.0)
    os (1.0.0)
    rake (10.4.2)
    rspec (3.6.0)
      rspec-core (~> 3.6.0)
      rspec-expectations (~> 3.6.0)
      rspec-mocks (~> 3.6.0)
    rspec-core (3.6.0)
      rspec-support (~> 3.6.0)
    rspec-expectations (3.6.0)
      diff-lcs (>= 1.2.0, < 2.0)
      rspec-support (~> 3.6.0)
    rspec-mocks (3.6.0)
      diff-lcs (>= 1.2.0, < 2.0)
      rspec-support (~> 3.6.0)
    rspec-support (3.6.0)

PLATFORMS
  ruby

DEPENDENCIES
  bundler (~> 1.10)
  lgtm_hd!
  rake (~> 10.0)
  rspec (~> 3.6, >= 3.6.0)

BUNDLED WITH
   1.10.6
